GIT
  remote: git://github.com/feedbin/feedzirra.git
  revision: 91f9a1755e18a386a3e52aadc8dbaa04fa389479
  ref: 91f9a17
  specs:
    feedzirra (0.6.0)
      curb (~> 0.8.1)
      loofah (~> 1.2.1)
      sax-machine (~> 0.2.1)

GEM
  remote: https://rubygems.org/
  specs:
    capistrano (2.15.5)
      highline
      net-scp (>= 1.0.0)
      net-sftp (>= 2.0.0)
      net-ssh (>= 2.0.14)
      net-ssh-gateway (>= 1.1.0)
    celluloid (0.16.0)
      timers (~> 4.0.0)
    connection_pool (2.1.0)
    curb (0.8.6)
    dotenv (1.0.2)
    foreman (0.63.0)
      dotenv (>= 0.7)
      thor (>= 0.13.6)
    highline (1.6.21)
    hitimes (1.2.2)
    json (1.8.1)
    loofah (1.2.1)
      nokogiri (>= 1.4.4)
    mini_portile (0.6.1)
    net-scp (1.2.1)
      net-ssh (>= 2.6.5)
    net-sftp (2.1.2)
      net-ssh (>= 2.6.5)
    net-ssh (2.9.1)
    net-ssh-gateway (1.2.0)
      net-ssh (>= 2.6.5)
    nokogiri (1.6.5)
      mini_portile (~> 0.6.0)
    rake (10.4.2)
    redis (3.2.0)
    redis-namespace (1.5.1)
      redis (~> 3.0, >= 3.0.4)
    sax-machine (0.2.1)
      nokogiri (~> 1.6.0)
    sidekiq (3.3.0)
      celluloid (>= 0.16.0)
      connection_pool (>= 2.0.0)
      json
      redis (>= 3.0.6)
      redis-namespace (>= 1.3.1)
    thor (0.19.1)
    timers (4.0.1)
      hitimes

PLATFORMS
  ruby

DEPENDENCIES
  bundler
  capistrano (~> 2.15.5)
  dotenv
  feedzirra!
  foreman (= 0.63.0)
  rake
  sidekiq
