GIT
  remote: git://github.com/feedbin/feedjira.git
  revision: de95ec64d6ce89b1d6077d96ecc0bbc6d0496b82
  ref: de95ec6
  specs:
    feedjira (1.6.1)
      curb (~> 0.8)
      loofah (~> 2.0)
      sax-machine (~> 1.0)

GEM
  remote: https://rubygems.org/
  specs:
    capistrano (2.15.7)
      highline
      net-scp (>= 1.0.0)
      net-sftp (>= 2.0.0)
      net-ssh (>= 2.0.14)
      net-ssh-gateway (>= 1.1.0)
    concurrent-ruby (1.0.0)
    connection_pool (2.2.0)
    curb (0.8.8)
    dotenv (2.0.2)
    foreman (0.63.0)
      dotenv (>= 0.7)
      thor (>= 0.13.6)
    highline (1.7.8)
    json (1.8.3)
    loofah (2.0.3)
      nokogiri (>= 1.5.9)
    mini_portile (0.6.2)
    net-scp (1.2.1)
      net-ssh (>= 2.6.5)
    net-sftp (2.1.2)
      net-ssh (>= 2.6.5)
    net-ssh (3.0.1)
    net-ssh-gateway (1.2.0)
      net-ssh (>= 2.6.5)
    nokogiri (1.6.6.3)
      mini_portile (~> 0.6.0)
    rake (10.4.2)
    redis (3.2.2)
    sax-machine (1.3.2)
    sidekiq (4.0.0)
      concurrent-ruby (~> 1.0)
      connection_pool (~> 2.2, >= 2.2.0)
      json (~> 1.0)
      redis (~> 3.2, >= 3.2.1)
    thor (0.19.1)

PLATFORMS
  ruby

DEPENDENCIES
  bundler
  capistrano (~> 2.15.5)
  dotenv
  feedjira!
  foreman (= 0.63.0)
  rake
  sidekiq

BUNDLED WITH
   1.10.6
