GIT
  remote: git://github.com/feedbin/feedjira.git
  revision: 7884b8bb25044f76196183cf072e116aed31b9f6
  ref: 7884b8b
  specs:
    feedjira (1.6.0)
      curb (~> 0.8)
      loofah (~> 2.0)
      sax-machine (~> 1.0)

GEM
  remote: https://rubygems.org/
  specs:
    capistrano (2.15.5)
      highline
      net-scp (>= 1.0.0)
      net-sftp (>= 2.0.0)
      net-ssh (>= 2.0.14)
      net-ssh-gateway (>= 1.1.0)
    celluloid (0.16.0)
      timers (~> 4.0.0)
    connection_pool (2.1.1)
    curb (0.8.8)
    dotenv (1.0.2)
    foreman (0.63.0)
      dotenv (>= 0.7)
      thor (>= 0.13.6)
    highline (1.6.21)
    hitimes (1.2.2)
    json (1.8.2)
    loofah (2.0.2)
      nokogiri (>= 1.5.9)
    mini_portile (0.6.2)
    net-scp (1.2.1)
      net-ssh (>= 2.6.5)
    net-sftp (2.1.2)
      net-ssh (>= 2.6.5)
    net-ssh (2.9.2)
    net-ssh-gateway (1.2.0)
      net-ssh (>= 2.6.5)
    nokogiri (1.6.6.2)
      mini_portile (~> 0.6.0)
    rake (10.4.2)
    redis (3.2.1)
    redis-namespace (1.5.1)
      redis (~> 3.0, >= 3.0.4)
    sax-machine (1.3.2)
    sidekiq (3.3.2)
      celluloid (>= 0.16.0)
      connection_pool (>= 2.1.1)
      json
      redis (>= 3.0.6)
      redis-namespace (>= 1.3.1)
    thor (0.19.1)
    timers (4.0.1)
      hitimes

PLATFORMS
  ruby

DEPENDENCIES
  bundler
  capistrano (~> 2.15.5)
  dotenv
  feedjira!
  foreman (= 0.63.0)
  rake
  sidekiq
