GIT
  remote: https://github.com/feedbin/feedjira.git
  revision: da48b21c09604c797854e095504626ac25d0892a
  branch: f2
  specs:
    feedjira (2.1.2)
      loofah (>= 2.0)
      sax-machine (>= 1.0)

GIT
  remote: https://github.com/feedbin/feedkit.git
  revision: 7923bab690f9c37ace4f05b660f8ca9ed18771b6
  branch: master
  specs:
    feedkit (0.1.0)
      addressable (~> 2.8.0)
      feedjira (~> 2.0)
      http (~> 4.4)
      rchardet (~> 1.8.0)
      twitter (~> 7.0)
      twitter-text (~> 3.1.0)

GIT
  remote: https://github.com/feedbin/http.git
  revision: 334b230d2033177ebf535e8277e21408cd8fdfcf
  branch: feedbin
  specs:
    http (4.4.1)
      addressable (~> 2.3)
      http-cookie (~> 1.0)
      http-form_data (~> 2.2)
      http-parser (~> 1.2.0)

GIT
  remote: https://github.com/feedbin/sax-machine.git
  revision: 80c6e3b9eb4ab0ac16a0eeaac13d10a713d10423
  branch: feedbin
  specs:
    sax-machine (1.3.2)

GEM
  remote: https://rubygems.org/
  specs:
    addressable (2.8.1)
      public_suffix (>= 2.0.2, < 6.0)
    buftok (0.2.0)
    connection_pool (2.2.5)
    crack (0.4.5)
      rexml
    crass (1.0.6)
    domain_name (0.5.20190701)
      unf (>= 0.0.5, < 1.0.0)
    dotenv (2.8.1)
    equalizer (0.0.11)
    ffi (1.15.5)
    ffi-compiler (1.0.1)
      ffi (>= 1.0.0)
      rake
    foreman (0.87.2)
    hashdiff (1.0.1)
    http-cookie (1.0.5)
      domain_name (~> 0.5)
    http-form_data (2.3.0)
    http-parser (1.2.3)
      ffi-compiler (>= 1.0, < 2.0)
    http_parser.rb (0.6.0)
    idn-ruby (0.1.4)
    loofah (2.18.0)
      crass (~> 1.0.2)
      nokogiri (>= 1.5.9)
    memoizable (0.4.2)
      thread_safe (~> 0.3, >= 0.3.1)
    mini_portile2 (2.8.0)
    minitest (5.16.3)
    multipart-post (2.2.3)
    naught (1.1.0)
    nokogiri (1.13.8)
      mini_portile2 (~> 2.8.0)
      racc (~> 1.4)
    public_suffix (5.0.0)
    racc (1.6.0)
    rack (2.2.4)
    rake (13.0.6)
    rchardet (1.8.0)
    redis (4.8.0)
    resolv (0.2.1)
    rexml (3.2.5)
    sidekiq (6.5.5)
      connection_pool (>= 2.2.2)
      rack (~> 2.0)
      redis (>= 4.5.0)
    simple_oauth (0.3.1)
    thread_safe (0.3.6)
    twitter (7.0.0)
      addressable (~> 2.3)
      buftok (~> 0.2.0)
      equalizer (~> 0.0.11)
      http (~> 4.0)
      http-form_data (~> 2.0)
      http_parser.rb (~> 0.6.0)
      memoizable (~> 0.4.0)
      multipart-post (~> 2.0)
      naught (~> 1.0)
      simple_oauth (~> 0.3.0)
    twitter-text (3.1.0)
      idn-ruby
      unf (~> 0.1.0)
    unf (0.1.4)
      unf_ext
    unf_ext (0.0.8.2)
    webmock (3.18.1)
      addressable (>= 2.8.0)
      crack (>= 0.3.2)
      hashdiff (>= 0.4.0, < 2.0.0)

PLATFORMS
  ruby

DEPENDENCIES
  bundler
  connection_pool
  dotenv
  feedjira!
  feedkit!
  foreman
  http!
  minitest
  nokogiri
  rake
  redis
  resolv
  sax-machine!
  sidekiq
  unf_ext
  webmock

BUNDLED WITH
   2.2.26
