GIT
  remote: git://github.com/feedbin/feedjira.git
  revision: 43ba9b453cad27461d05e4db7a5b8da93e327d44
  ref: 43ba9b4
  specs:
    feedjira (1.6.1)
      curb (~> 0.8)
      loofah (~> 2.0)
      sax-machine (~> 1.0)

GEM
  remote: https://rubygems.org/
  specs:
    aggregate (0.2.2)
    capistrano (3.4.0)
      i18n
      rake (>= 10.0.0)
      sshkit (~> 1.3)
    capistrano-bundler (1.1.4)
      capistrano (~> 3.1)
      sshkit (~> 1.2)
    capistrano-rbenv (2.0.4)
      capistrano (~> 3.1)
      sshkit (~> 1.3)
    concurrent-ruby (1.0.1)
    connection_pool (2.2.0)
    curb (0.9.1)
    dotenv (2.1.0)
    faraday (0.9.2)
      multipart-post (>= 1.2, < 3)
    foreman (0.63.0)
      dotenv (>= 0.7)
      thor (>= 0.13.6)
    hetchy (1.0.0)
    i18n (0.7.0)
    librato-metrics (1.6.1)
      aggregate (~> 0.2.2)
      faraday (~> 0.7)
      multi_json
    librato-rack (1.0.0)
      hetchy (~> 1.0)
      librato-metrics (~> 1.6)
    loofah (2.0.3)
      nokogiri (>= 1.5.9)
    mini_portile2 (2.0.0)
    multi_json (1.12.1)
    multipart-post (2.0.0)
    net-scp (1.2.1)
      net-ssh (>= 2.6.5)
    net-ssh (3.0.2)
    nokogiri (1.6.7.2)
      mini_portile2 (~> 2.0.0.rc2)
    rake (10.5.0)
    redis (3.2.2)
    sax-machine (1.3.2)
    sidekiq (4.1.1)
      concurrent-ruby (~> 1.0)
      connection_pool (~> 2.2, >= 2.2.0)
      redis (~> 3.2, >= 3.2.1)
    sshkit (1.8.1)
      net-scp (>= 1.1.2)
      net-ssh (>= 2.8.0)
    thor (0.19.1)

PLATFORMS
  ruby

DEPENDENCIES
  bundler
  capistrano
  capistrano-bundler
  capistrano-rbenv
  dotenv
  feedjira!
  foreman (= 0.63.0)
  librato-rack
  rake
  sidekiq

BUNDLED WITH
   1.11.2
